PATH
  remote: .
  specs:
    cdx-sync-server (0.0.0)
      filewatcher (= 0.3.6)

GEM
  remote: https://rubygems.org/
  specs:
    diff-lcs (1.2.5)
    filewatcher (0.3.6)
      trollop (~> 2.0)
    rake (10.4.2)
    rspec (3.1.0)
      rspec-core (~> 3.1.0)
      rspec-expectations (~> 3.1.0)
      rspec-mocks (~> 3.1.0)
    rspec-core (3.1.7)
      rspec-support (~> 3.1.0)
    rspec-expectations (3.1.2)
      diff-lcs (>= 1.2.0, < 2.0)
      rspec-support (~> 3.1.0)
    rspec-mocks (3.1.3)
      rspec-support (~> 3.1.0)
    rspec-support (3.1.2)
    trollop (2.0)

PLATFORMS
  ruby

DEPENDENCIES
  cdx-sync-server!
  rake
  rspec
