GEM
  remote: https://rubygems.org/
  specs:
    filewatcher (0.3.5)
      trollop (~> 2.0)
    rake (10.4.2)
    trollop (2.0)

PLATFORMS
  ruby

DEPENDENCIES
  filewatcher
  rake
